GEM
  remote: https://rubygems.org/
  specs:
    ruby2d (0.9.5)

PLATFORMS
  x86_64-linux

DEPENDENCIES
  ruby2d

BUNDLED WITH
   2.2.3
